GEM
  specs:
    sass (3.2.13)

PLATFORMS
  ruby

DEPENDENCIES
  sass
